GIT
  remote: https://github.com/mongoid/mongoid.git
  revision: 7ab9d1b5a613437039a2913b5ca5d08cf5147c1b
  specs:
    mongoid (3.0.0)
      activemodel (~> 3.1)
      mongo (~> 1.3)
      tzinfo (~> 0.3.22)

GEM
  remote: http://rubygems.org/
  specs:
    activemodel (3.2.1)
      activesupport (= 3.2.1)
      builder (~> 3.0.0)
    activesupport (3.2.1)
      i18n (~> 0.6)
      multi_json (~> 1.0)
    bson (1.5.2)
    bson_ext (1.5.2)
      bson (= 1.5.2)
    builder (3.0.0)
    crack (0.1.8)
    grape (0.1.5)
      multi_json
      multi_xml
      rack
      rack-jsonp
      rack-mount
    httparty (0.7.8)
      crack (= 0.1.8)
    i18n (0.6.0)
    mongo (1.5.2)
      bson (= 1.5.2)
    mongoid_spacial (0.2.16)
      activesupport (~> 3.0)
      mongoid (>= 2.3.0)
    multi_json (1.0.4)
    multi_xml (0.4.1)
    rack (1.4.1)
    rack-jsonp (1.3.0)
      rack
    rack-mount (0.8.3)
      rack (>= 1.0.0)
    tzinfo (0.3.31)

PLATFORMS
  ruby

DEPENDENCIES
  bson_ext (~> 1.5)
  crack
  grape
  httparty
  mongoid!
  mongoid_spacial
